GEM
  remote: https://rubygems.org/
  specs:
    activemodel (6.1.0)
      activesupport (= 6.1.0)
    activerecord (6.1.0)
      activemodel (= 6.1.0)
      activesupport (= 6.1.0)
    activesupport (6.1.0)
      concurrent-ruby (~> 1.0, >= 1.0.2)
      i18n (>= 1.6, < 2)
      minitest (>= 5.1)
      tzinfo (~> 2.0)
      zeitwerk (~> 2.3)
    anystyle (1.3.13)
      anystyle-data (~> 1.2)
      bibtex-ruby (~> 5.1)
      namae (~> 1.0)
      wapiti (~> 1.0, >= 1.0.2)
    anystyle-data (1.2.0)
    bibtex-ruby (5.1.6)
      latex-decode (~> 0.0)
    builder (3.2.4)
    concurrent-ruby (1.1.7)
    i18n (1.8.7)
      concurrent-ruby (~> 1.0)
    json (2.5.1)
    latex-decode (0.3.2)
    minitest (5.14.3)
    multi_json (1.15.0)
    namae (1.0.1)
    tzinfo (2.0.4)
      concurrent-ruby (~> 1.0)
    wapiti (1.0.7)
      builder (~> 3.2)
    zeitwerk (2.4.2)

PLATFORMS
  x86_64-darwin-19

DEPENDENCIES
  activerecord (~> 6.1)
  anystyle (~> 1.3, >= 1.3.13)
  json (~> 2.5, >= 2.5.1)
  multi_json (~> 1.15)

RUBY VERSION
   ruby 3.0.0p0

BUNDLED WITH
   2.2.3
